GEM
  remote: http://rubygems.org/
  specs:
    RedCloth (4.2.2)
    activesupport (2.3.5)
    bson (1.2.1)
    bson_ext (1.2.1)
    builder (2.1.2)
    curb (0.7.10)
    feedzirra (0.0.23)
      activesupport (>= 2.0.0)
      builder (>= 2.1.2)
      curb (>= 0.2.3)
      loofah (>= 0.3.1)
      nokogiri (> 0.0.0)
      sax-machine (>= 0.0.12)
    haml (3.0.12)
    hassle (0.0.1)
      haml
      rack
    hoe (2.9.0)
      rake (>= 0.8.7)
    hominid (3.0.2)
    hpricot (0.8.2)
    loofah (1.0.0)
      nokogiri (>= 1.3.3)
    mail (2.2.1)
      activesupport (>= 2.3.4)
      mime-types
      treetop (>= 1.4.5)
    maruku (0.6.0)
      syntax (>= 1.0.0)
    mime-types (1.16)
    mongo (1.2.1)
      bson (>= 1.2.1)
    nokogiri (1.4.4)
    polyglot (0.3.1)
    pony (1.1)
      mail (> 2.0)
    rack (1.2.1)
    rack-test (0.5.3)
      rack (>= 1.0)
    rake (0.8.7)
    rspec (1.3.0)
    rspec_hpricot_matchers (1.0)
    sax-machine (0.0.16)
      nokogiri (> 0.0.0)
    shotgun (0.8)
      rack (>= 1.0)
    sinatra (1.0)
      rack (>= 1.0)
    syntax (1.0.0)
    test-unit (1.2.3)
      hoe (>= 1.5.1)
    treetop (1.4.9)
      polyglot (>= 0.3.1)

PLATFORMS
  ruby

DEPENDENCIES
  RedCloth (= 4.2.2)
  activesupport (= 2.3.5)
  bson_ext
  builder (= 2.1.2)
  feedzirra
  haml (= 3.0.12)
  hassle
  hominid (~> 3.0.2)
  hpricot (= 0.8.2)
  maruku (= 0.6.0)
  mongo
  pony
  rack-test (= 0.5.3)
  rspec (= 1.3.0)
  rspec_hpricot_matchers (= 1.0)
  shotgun
  sinatra
  test-unit (= 1.2.3)
